GEM
  remote: https://rubygems.org/
  specs:
    backports (3.3.4)
    fakeredis (0.4.2)
      redis (~> 3.0.0)
    multi_json (1.8.0)
    rack (1.5.2)
    rack-protection (1.5.0)
      rack
    rack-test (0.6.2)
      rack (>= 1.0)
    rake (0.9.6)
    redis (3.0.4)
    sinatra (1.4.3)
      rack (~> 1.4)
      rack-protection (~> 1.4)
      tilt (~> 1.3, >= 1.3.4)
    sinatra-contrib (1.4.1)
      backports (>= 2.0)
      multi_json
      rack-protection
      rack-test
      sinatra (~> 1.4.0)
      tilt (~> 1.3)
    tilt (1.4.1)

PLATFORMS
  ruby

DEPENDENCIES
  fakeredis
  rack-test
  rake
  redis
  sinatra
  sinatra-contrib
